PATH
  remote: .
  specs:
    ruby_motion_query (1.7.0)

GEM
  remote: https://rubygems.org/
  specs:
    rake (10.4.2)

PLATFORMS
  ruby

DEPENDENCIES
  rake
  ruby_motion_query!
